GIT
  remote: git://itrigga-is1.dyndns-ip.com/gems/itrigga-core_ext.git
  revision: 148638681cb800db35ac972d5d04691d2d087e5b
  specs:
    itrigga-core_ext (1.0.0)
      bundler (~> 1.0.0)
      fastercsv (>= 1.5.4)

GIT
  remote: https://github.com/thoughtafter/simple-rss.git
  revision: d5790dc63991d6d8fc91040604eae31c5c461117
  specs:
    simple-rss (1.2.3)

GEM
  remote: http://rubygems.org/
  specs:
    fastercsv (1.5.4)
    git (1.2.5)
    hoe (2.12.4)
      rake (~> 0.8)
    hpricot (0.8.5)
    jeweler (1.6.4)
      bundler (~> 1.0)
      git (>= 1.2.5)
      rake
    rake (0.9.2.2)
    rspec (1.3.0)
    test-unit (1.2.3)
      hoe (>= 1.5.1)

PLATFORMS
  ruby

DEPENDENCIES
  bundler (~> 1.0.0)
  hoe
  hpricot (>= 0.6)
  itrigga-core_ext (>= 1.0.0)!
  jeweler (~> 1.6.4)
  rspec (= 1.3.0)
  simple-rss!
  test-unit (= 1.2.3)
